PATH
  remote: ../compliance-workshop-environment
  specs:
    carpenter (0.1.0)
      aws-sdk-ec2 (~> 1)
      aws-sdk-route53 (~> 1)
      hashie
      highline
      mixlib-log
      mixlib-shellout
      mixlib-versioning
      thor
      tomlrb

GEM
  remote: https://rubygems.org/
  specs:
    aws-partitions (1.70.0)
    aws-sdk-core (3.17.0)
      aws-partitions (~> 1.0)
      aws-sigv4 (~> 1.0)
      jmespath (~> 1.0)
    aws-sdk-ec2 (1.29.0)
      aws-sdk-core (~> 3)
      aws-sigv4 (~> 1.0)
    aws-sdk-route53 (1.9.0)
      aws-sdk-core (~> 3)
      aws-sigv4 (~> 1.0)
    aws-sigv4 (1.0.2)
    hashie (3.5.7)
    highline (1.7.10)
    jmespath (1.3.1)
    mixlib-log (2.0.1)
    mixlib-shellout (2.3.2)
    mixlib-versioning (1.2.2)
    thor (0.20.0)
    tomlrb (1.2.6)

PLATFORMS
  ruby

DEPENDENCIES
  carpenter!

BUNDLED WITH
   1.16.1
